GEM
  remote: http://rubygems.org/
  specs:
    activerecord (2.3.18)
      activesupport (= 2.3.18)
    activesupport (2.3.18)
    mysql (2.7)
    rake (10.3.2)

PLATFORMS
  ruby

DEPENDENCIES
  activerecord (= 2.3.18)
  mysql (= 2.7)
  rake (~> 10.3.2)
