GEM
  remote: http://rubygems.org/
  specs:
    activerecord (2.3.8)
      activesupport (= 2.3.8)
    activesupport (2.3.8)
    mysql (2.7)

PLATFORMS
  ruby

DEPENDENCIES
  activerecord (= 2.3.8)
  mysql (= 2.7)
